GEM
  remote: https://rubygems.org/
  specs:
    activesupport (3.2.11)
      i18n (~> 0.6)
      multi_json (~> 1.0)
    coderay (1.0.8)
    i18n (0.6.1)
    method_source (0.8.1)
    micro_mock (1.0.0)
    micro_test (0.3.5)
      os
    multi_json (1.5.0)
    os (0.9.6)
    pry (0.9.10)
      coderay (~> 1.0.5)
      method_source (~> 0.8)
      slop (~> 3.3.1)
    slop (3.3.3)

PLATFORMS
  ruby

DEPENDENCIES
  activesupport
  micro_mock
  micro_test
  pry
