GEM
  remote: https://rubygems.org/
  specs:
    activesupport (3.2.9)
      i18n (~> 0.6)
      multi_json (~> 1.0)
    binding_of_caller (0.6.8)
    celluloid (0.12.3)
      facter (>= 1.6.12)
      timers (>= 1.0.0)
    coderay (1.0.8)
    facter (1.6.14)
    i18n (0.6.1)
    method_source (0.8.1)
    micro_mock (0.0.5)
    micro_test (0.3.0.rc4)
      celluloid
    multi_json (1.3.7)
    pry (0.9.10)
      coderay (~> 1.0.5)
      method_source (~> 0.8)
      slop (~> 3.3.1)
    pry-stack_explorer (0.4.7)
      binding_of_caller (~> 0.6.8)
    slop (3.3.3)
    timers (1.0.1)

PLATFORMS
  ruby

DEPENDENCIES
  activesupport
  micro_mock
  micro_test (= 0.3.0.rc4)
  pry
  pry-stack_explorer
